PATH
  remote: .
  specs:
    funny_db (0.0.1)
      oj

GEM
  remote: https://rubygems.org/
  specs:
    ansi (1.5.0)
    builder (3.2.2)
    minitest (5.9.0)
    minitest-reporters (1.1.9)
      ansi
      builder
      minitest (>= 5.0)
      ruby-progressbar
    oj (2.15.1)
    rake (11.1.2)
    ruby-progressbar (1.8.1)

PLATFORMS
  ruby

DEPENDENCIES
  bundler (~> 1.12)
  funny_db!
  minitest
  minitest-reporters
  rake

BUNDLED WITH
   1.12.4
